GIT
  remote: https://github.com/tiarly/awesome_distance_calculator.git
  revision: e921ccf1f770e8c091306f1a6f8d1fc96438bb08
  branch: feature
  specs:
    awesome_distance_calculator (0.1.0)

GEM
  remote: http://rubygems.org/
  specs:
    diff-lcs (1.3)
    rspec (3.8.0)
      rspec-core (~> 3.8.0)
      rspec-expectations (~> 3.8.0)
      rspec-mocks (~> 3.8.0)
    rspec-core (3.8.1)
      rspec-support (~> 3.8.0)
    rspec-expectations (3.8.4)
      diff-lcs (>= 1.2.0, < 2.0)
      rspec-support (~> 3.8.0)
    rspec-mocks (3.8.1)
      diff-lcs (>= 1.2.0, < 2.0)
      rspec-support (~> 3.8.0)
    rspec-support (3.8.2)

PLATFORMS
  ruby

DEPENDENCIES
  awesome_distance_calculator!
  rspec (~> 3.8)

BUNDLED WITH
   2.0.2
